PATH
  remote: ../../
  specs:
    linked_bus (0.0.1)
      amqp (~> 1.3.0)
      em-websocket
      rabbitmq_http_api_client (~> 1.0.0)
      rack-fiber_pool (~> 0.9.3)
      sinatra (~> 1.4.4)
      thin (~> 1.6.1)

GEM
  remote: https://rubygems.org/
  specs:
    amq-protocol (1.9.2)
    amqp (1.3.0)
      amq-protocol (>= 1.9.2)
      eventmachine
    celluloid (0.15.2)
      timers (~> 1.1.0)
    connection_pool (2.0.0)
    daemons (1.1.9)
    effin_utf8 (1.0)
    em-websocket (0.5.0)
      eventmachine (>= 0.12.9)
      http_parser.rb (~> 0.5.3)
    eventmachine (1.0.3)
    faraday (0.8.9)
      multipart-post (~> 1.2.0)
    faraday_middleware (0.9.0)
      faraday (>= 0.7.4, < 0.9)
    hashie (2.0.5)
    http_parser.rb (0.5.3)
    json (1.8.1)
    multi_json (1.8.4)
    multipart-post (1.2.0)
    rabbitmq_http_api_client (1.0.0)
      effin_utf8 (~> 1.0.0)
      faraday (~> 0.8.9)
      faraday_middleware (~> 0.9.0)
      hashie (~> 2.0.5)
      multi_json (~> 1.8.4)
    rack (1.5.2)
    rack-fiber_pool (0.9.3)
    rack-protection (1.5.2)
      rack
    redis (3.0.7)
    redis-namespace (1.4.1)
      redis (~> 3.0.4)
    sidekiq (2.17.7)
      celluloid (>= 0.15.2)
      connection_pool (>= 1.0.0)
      json
      redis (>= 3.0.6)
      redis-namespace (>= 1.3.1)
    sinatra (1.4.4)
      rack (~> 1.4)
      rack-protection (~> 1.4)
      tilt (~> 1.3, >= 1.3.4)
    thin (1.6.1)
      daemons (>= 1.0.9)
      eventmachine (>= 1.0.0)
      rack (>= 1.0.0)
    tilt (1.4.1)
    timers (1.1.0)

PLATFORMS
  ruby

DEPENDENCIES
  linked_bus!
  sidekiq
