PATH
  remote: .
  specs:
    linked_bus (0.0.1)
      amqp (~> 1.3.0)
      em-websocket
      rabbitmq_http_api_client (~> 1.0.0)
      rack-fiber_pool (~> 0.9.3)
      sinatra (~> 1.4.4)
      thin (~> 1.6.1)

GEM
  remote: https://rubygems.org/
  specs:
    amq-protocol (1.9.2)
    amqp (1.3.0)
      amq-protocol (>= 1.9.2)
      eventmachine
    bacon (1.2.0)
    bunny (1.1.2)
      amq-protocol (>= 1.9.2)
    coderay (1.1.0)
    daemons (1.1.9)
    diff-lcs (1.2.5)
    effin_utf8 (1.0)
    em-spec (0.2.6)
      bacon
      eventmachine
      rspec (> 2.6.0)
      test-unit
    em-websocket (0.5.0)
      eventmachine (>= 0.12.9)
      http_parser.rb (~> 0.5.3)
    evented-spec (0.9.0)
    eventmachine (1.0.3)
    faraday (0.8.9)
      multipart-post (~> 1.2.0)
    faraday_middleware (0.9.0)
      faraday (>= 0.7.4, < 0.9)
    hashie (2.0.5)
    http_parser.rb (0.5.3)
    method_source (0.8.2)
    multi_json (1.8.4)
    multipart-post (1.2.0)
    pry (0.9.12.6)
      coderay (~> 1.0)
      method_source (~> 0.8)
      slop (~> 3.4)
    rabbitmq_http_api_client (1.0.0)
      effin_utf8 (~> 1.0.0)
      faraday (~> 0.8.9)
      faraday_middleware (~> 0.9.0)
      hashie (~> 2.0.5)
      multi_json (~> 1.8.4)
    rack (1.5.2)
    rack-fiber_pool (0.9.3)
    rack-protection (1.5.2)
      rack
    rake (10.1.1)
    rspec (2.14.1)
      rspec-core (~> 2.14.0)
      rspec-expectations (~> 2.14.0)
      rspec-mocks (~> 2.14.0)
    rspec-core (2.14.8)
    rspec-expectations (2.14.5)
      diff-lcs (>= 1.1.3, < 2.0)
    rspec-mocks (2.14.6)
    sinatra (1.4.4)
      rack (~> 1.4)
      rack-protection (~> 1.4)
      tilt (~> 1.3, >= 1.3.4)
    slop (3.4.7)
    test-unit (2.5.5)
    thin (1.6.1)
      daemons (>= 1.0.9)
      eventmachine (>= 1.0.0)
      rack (>= 1.0.0)
    tilt (1.4.1)

PLATFORMS
  ruby

DEPENDENCIES
  bundler (~> 1.5)
  bunny
  em-spec
  evented-spec (~> 0.9)
  linked_bus!
  multi_json
  pry
  rake (~> 10.1.1)
  rspec (~> 2.14)
